GEM
  remote: https://rubygems.org/
  specs:
    kgio (2.7.4)
    rack (1.4.1)
    rack-protection (1.2.0)
      rack
    raindrops (0.10.0)
    redcarpet (2.2.1)
    rtfd (0.0.2)
      redcarpet (= 2.2.1)
      sinatra (= 1.3.3)
      yard (= 0.8.3)
    sinatra (1.3.3)
      rack (~> 1.3, >= 1.3.6)
      rack-protection (~> 1.2)
      tilt (~> 1.3, >= 1.3.3)
    tilt (1.3.3)
    unicorn (4.4.0)
      kgio (~> 2.6)
      rack
      raindrops (~> 0.7)
    yard (0.8.3)

PLATFORMS
  ruby

DEPENDENCIES
  rtfd
  unicorn
